GEM
  remote: http://rubygems.org/
  specs:
    abstract (1.0.0)
    curb (0.7.7.1)
    daemons (1.1.0)
    dalli (0.9.7)
    erubis (2.6.6)
      abstract (>= 1.0.0)
    eventmachine (0.12.10)
    extlib (0.9.15)
    haml (3.0.18)
    json (1.4.6)
    mailfactory (1.4.0)
      mime-types (>= 1.13.1)
    merb-assets (1.1.0)
      merb-core (~> 1.1.0)
    merb-cache (1.1.0)
      merb-core (~> 1.1.0)
    merb-core (1.1.0)
      bundler (>= 0.9.3)
      erubis (>= 2.6.2)
      extlib (>= 0.9.13)
      mime-types (>= 1.16)
      rack
      rake
      rspec
    merb-haml (1.1.0)
      haml (>= 2.0.3)
      merb-core (~> 1.1.0)
    merb-mailer (1.1.0)
      mailfactory (>= 1.2.3)
      merb-core (~> 1.1.0)
    mime-types (1.16)
    moneta (0.6.0)
    nokogiri (1.3.3)
    rack (1.2.1)
    rake (0.8.7)
    rspec (1.3.0)
    thin (1.2.7)
      daemons (>= 1.0.9)
      eventmachine (>= 0.12.6)
      rack (>= 1.0.0)
    typhoeus (0.1.31)
      rack

PLATFORMS
  ruby

DEPENDENCIES
  abstract
  curb
  dalli
  haml
  json
  merb-assets (= 1.1.0)
  merb-cache (= 1.1.0)
  merb-core (= 1.1.0)
  merb-haml (= 1.1.0)
  merb-mailer (= 1.1.0)
  mime-types
  moneta
  nokogiri (= 1.3.3)
  rake
  rspec
  thin
  typhoeus
